GEM
  remote: http://rubygems.org/
  specs:
    coderay (1.0.5)
    hashie (1.2.0)
    httparty (0.8.1)
      multi_json
      multi_xml
    json (1.6.1)
    lesstile (1.0.1)
    multi_json (1.0.4)
    multi_xml (0.4.1)

PLATFORMS
  ruby

DEPENDENCIES
  coderay
  hashie
  httparty
  json
  lesstile
